GEM
  remote: https://rubygems.org/
  specs:
    json (1.8.2)
    mini_portile2 (2.6.1)
    nokogiri (1.12.5)
      mini_portile2 (~> 2.6.1)
      racc (~> 1.4)
    power_assert (0.2.6)
    racc (1.5.2)
    rake (10.4.2)
    test-unit (3.1.5)
      power_assert

PLATFORMS
  ruby

DEPENDENCIES
  bundler
  json
  nokogiri
  rake
  test-unit

BUNDLED WITH
   1.13.6
