PATH
  remote: .
  specs:
    yahoo-finance (3.0.0.pre.alpha.1)
      httpclient
      json
      nokogiri

GEM
  remote: https://rubygems.org/
  specs:
    byebug (9.1.0)
    httpclient (2.8.3)
    json (2.1.0)
    mini_portile2 (2.3.0)
    minitest (5.10.3)
    nokogiri (1.8.1)
      mini_portile2 (~> 2.3.0)
    rake (10.5.0)
    yard (0.9.10)

PLATFORMS
  ruby

DEPENDENCIES
  bundler (~> 1.14)
  byebug
  minitest (~> 5.0)
  rake (~> 10.0)
  yahoo-finance!
  yard

BUNDLED WITH
   1.14.3
