GEM
  remote: https://rubygems.org/
  specs:
    json (2.3.0)
    mini_portile2 (2.4.0)
    nokogiri (1.10.10)
      mini_portile2 (~> 2.4.0)
    power_assert (0.2.6)
    rake (10.4.2)
    test-unit (3.1.5)
      power_assert

PLATFORMS
  ruby

DEPENDENCIES
  bundler
  json
  nokogiri
  rake
  test-unit

BUNDLED WITH
   1.13.6
